GEM
  remote: https://rubygems.org/
  specs:
    minitest (5.8.3)
    rack (1.6.4)
    rake (10.4.2)

PLATFORMS
  ruby

DEPENDENCIES
  minitest (~> 5.8.3)
  rack (~> 1.6.4)
  rake

BUNDLED WITH
   1.11.2
